PATH
  remote: /Users/dstldjeans/Projects/gems/motion-swipe
  specs:
    motion-swipe (0.0.4)

GEM
  remote: https://rubygems.org/
  specs:
    rake (10.4.2)

PLATFORMS
  ruby

DEPENDENCIES
  motion-swipe!
  rake
